GIT
  remote: git://github.com/dancinglightning/ast.git
  revision: 3814fb102af82a30bf334005ebe17332744f9dad
  specs:
    ast (2.1.0)

PATH
  remote: .
  specs:
    soml-parser (0.5.0)
      ast (~> 2.1.0)
      parslet (~> 1.7.1)

GEM
  remote: http://rubygems.org/
  specs:
    blankslate (3.1.3)
    codeclimate-test-reporter (0.4.6)
      simplecov (>= 0.7.1, < 1.0.0)
    docile (1.1.5)
    minitest (5.6.1)
    multi_json (1.11.2)
    parslet (1.7.1)
      blankslate (>= 2.0, <= 4.0)
    rake (10.4.2)
    simplecov (0.9.2)
      docile (~> 1.1.0)
      multi_json (~> 1.0)
      simplecov-html (~> 0.9.0)
    simplecov-html (0.9.0)

PLATFORMS
  ruby

DEPENDENCIES
  ast!
  codeclimate-test-reporter
  minitest
  rake
  soml-parser!

BUNDLED WITH
   1.13.5
