GEM
  remote: http://rubygems.org/
  specs:
    blankslate (2.1.2.4)
    minitest (5.3.2)
    parslet (1.6.1)
      blankslate (~> 2.0)
    rubygems-tasks (0.2.4)

PLATFORMS
  ruby

DEPENDENCIES
  minitest
  parslet
  rubygems-tasks
